GEM
  remote: https://rubygems.org/
  specs:
    awesome_print (1.9.2)
    bigdecimal (3.1.8)
    coderay (1.1.3)
    csv (3.3.0)
    httparty (0.22.0)
      csv
      mini_mime (>= 1.0.0)
      multi_xml (>= 0.5.2)
    json (2.9.0)
    linked-list (0.0.16)
    matrix (0.4.2)
    method_source (1.1.0)
    mini_mime (1.1.5)
    multi_xml (0.7.1)
      bigdecimal (~> 3.1)
    optimist (3.2.0)
    pry (0.15.0)
      coderay (~> 1.1)
      method_source (~> 1.0)
    rubytree (2.1.0)
      json (~> 2.0, > 2.3.1)

PLATFORMS
  arm64-darwin-24
  ruby

DEPENDENCIES
  awesome_print
  httparty
  linked-list
  matrix
  optimist
  pry
  rubytree

BUNDLED WITH
   2.5.22
