GEM
  remote: https://rubygems.org/
  specs:
    awesome_print (1.9.2)
    coderay (1.1.3)
    method_source (1.1.0)
    optimist (3.2.0)
    pry (0.15.0)
      coderay (~> 1.1)
      method_source (~> 1.0)

PLATFORMS
  arm64-darwin-24
  ruby

DEPENDENCIES
  awesome_print
  optimist
  pry

BUNDLED WITH
   2.5.22
